PATH
  remote: .
  specs:
    gaddis2020 (0.1.0)

GEM
  remote: https://rubygems.org/
  specs:
    rake (12.3.0)

PLATFORMS
  ruby

DEPENDENCIES
  gaddis2020!
  rake (~> 12.0)

BUNDLED WITH
   2.1.4
